PATH
  remote: .
  specs:
    capistrano-data_plane_api (0.1.5)
      booleans (~> 0.1)
      data_plane_api (>= 0.2)
      pastel (< 1)
      shale (>= 1, < 2)
      shale-builder (~> 0.2.4)
      sorbet-runtime (~> 0.5)
      thor (> 1, < 2)
      tty-box (< 1)
      tty-cursor (< 1)

GEM
  remote: https://rubygems.org/
  specs:
    addressable (2.8.7)
      public_suffix (>= 2.0.2, < 7.0)
    ast (2.4.3)
    base64 (0.2.0)
    benchmark (0.2.1)
    bigdecimal (3.1.9)
    booleans (0.1.3)
      sorbet-runtime (>= 0.5)
    byebug (12.0.0)
    crack (1.0.0)
      bigdecimal
      rexml
    data_plane_api (0.2.0)
      booleans (~> 0.1.3)
      faraday (> 1, < 3)
      sorbet-runtime (~> 0.5)
    erubi (1.13.1)
    faraday (2.13.0)
      faraday-net_http (>= 2.0, < 3.5)
      json
      logger
    faraday-net_http (3.4.0)
      net-http (>= 0.5.0)
    hashdiff (1.1.2)
    json (2.10.2)
    language_server-protocol (3.17.0.4)
    lint_roller (1.1.0)
    logger (1.7.0)
    minitest (5.25.5)
    net-http (0.6.0)
      uri
    netrc (0.11.0)
    parallel (1.26.3)
    parser (3.3.7.4)
      ast (~> 2.4.1)
      racc
    pastel (0.8.0)
      tty-color (~> 0.5)
    prism (1.4.0)
    public_suffix (6.0.1)
    racc (1.8.1)
    rainbow (3.1.1)
    rake (13.0.6)
    rbi (0.3.1)
      prism (~> 1.0)
      rbs (>= 3.4.4)
      sorbet-runtime (>= 0.5.9204)
    rbs (3.9.2)
      logger
    regexp_parser (2.10.0)
    rexml (3.4.1)
    rubocop (1.75.2)
      json (~> 2.3)
      language_server-protocol (~> 3.17.0.2)
      lint_roller (~> 1.1.0)
      parallel (~> 1.10)
      parser (>= 3.3.0.2)
      rainbow (>= 2.2.2, < 4.0)
      regexp_parser (>= 2.9.3, < 3.0)
      rubocop-ast (>= 1.44.0, < 2.0)
      ruby-progressbar (~> 1.7)
      unicode-display_width (>= 2.4.0, < 4.0)
    rubocop-ast (1.44.0)
      parser (>= 3.3.7.2)
      prism (~> 1.4)
    rubocop-espago (1.1.8)
      rubocop
    rubocop-sorbet (0.10.0)
      rubocop (>= 1)
    ruby-progressbar (1.13.0)
    shale (1.2.2)
      bigdecimal
    shale-builder (0.2.4)
      booleans (>= 0.1)
      shale (< 2.0)
      sorbet-runtime (> 0.5)
    shoulda-context (2.0.0)
    sorbet (0.5.12003)
      sorbet-static (= 0.5.12003)
    sorbet-runtime (0.5.12003)
    sorbet-static (0.5.12003-universal-darwin)
    sorbet-static (0.5.12003-x86_64-linux)
    sorbet-static-and-runtime (0.5.12003)
      sorbet (= 0.5.12003)
      sorbet-runtime (= 0.5.12003)
    spoom (1.6.1)
      erubi (>= 1.10.0)
      prism (>= 0.28.0)
      rbi (>= 0.2.3)
      sorbet-static-and-runtime (>= 0.5.10187)
      thor (>= 0.19.2)
    strings (0.2.1)
      strings-ansi (~> 0.2)
      unicode-display_width (>= 1.5, < 3.0)
      unicode_utils (~> 1.4)
    strings-ansi (0.2.0)
    tapioca (0.16.11)
      benchmark
      bundler (>= 2.2.25)
      netrc (>= 0.11.0)
      parallel (>= 1.21.0)
      rbi (~> 0.2)
      sorbet-static-and-runtime (>= 0.5.11087)
      spoom (>= 1.2.0)
      thor (>= 1.2.0)
      yard-sorbet
    thor (1.2.1)
    tty-box (0.7.0)
      pastel (~> 0.8)
      strings (~> 0.2.0)
      tty-cursor (~> 0.7)
    tty-color (0.6.0)
    tty-cursor (0.7.1)
    unicode-display_width (2.6.0)
    unicode_utils (1.4.0)
    uri (1.0.3)
    vcr (6.3.1)
      base64
    webmock (3.25.1)
      addressable (>= 2.8.0)
      crack (>= 0.3.2)
      hashdiff (>= 0.4.0, < 2.0.0)
    webrick (1.7.0)
    yard (0.9.28)
      webrick (~> 1.7.0)
    yard-sorbet (0.9.0)
      sorbet-runtime
      yard

PLATFORMS
  arm64-darwin-20
  arm64-darwin-23
  x86_64-linux

DEPENDENCIES
  byebug (~> 12.0)
  capistrano-data_plane_api!
  minitest (~> 5.0)
  rake (~> 13.0)
  rubocop (~> 1.21)
  rubocop-espago (~> 1.0)
  rubocop-sorbet (~> 0.10.0)
  shoulda-context (~> 2.0)
  sorbet (~> 0.5)
  tapioca (~> 0.16.11)
  vcr (~> 6.3.1)
  webmock (~> 3.25.1)

BUNDLED WITH
   2.6.7
